PATH
  remote: .
  specs:
    confiture (0.1.4)

GEM
  remote: http://rubygems.org/
  specs:
    byebug (4.0.3)
      columnize (= 0.9.0)
    columnize (0.9.0)
    diff-lcs (1.1.3)
    rake (10.4.2)
    rspec (2.7.0)
      rspec-core (~> 2.7.0)
      rspec-expectations (~> 2.7.0)
      rspec-mocks (~> 2.7.0)
    rspec-core (2.7.1)
    rspec-expectations (2.7.0)
      diff-lcs (~> 1.1.2)
    rspec-mocks (2.7.0)

PLATFORMS
  java
  ruby

DEPENDENCIES
  byebug
  confiture!
  rake (~> 10.4)
  rspec (~> 2.7)
